PATH
  remote: .
  specs:
    do_mysql (0.10.17)
      bigdecimal
      data_objects (= 0.10.17)
      rake-compiler

GEM
  remote: http://rubygems.org/
  specs:
    addressable (2.8.1)
      public_suffix (>= 2.0.2, < 6.0)
    bigdecimal (3.1.3)
    data_objects (0.10.17)
      addressable (~> 2.1)
    public_suffix (5.0.1)
    rake (13.0.6)
    rake-compiler (1.2.1)
      rake

PLATFORMS
  x86_64-darwin-19

DEPENDENCIES
  do_jdbc (= 0.10.17)
  do_mysql!
  jdbc-mysql (>= 5.0.4)
  rake

BUNDLED WITH
   2.4.6
